GIT
  remote: git://github.com/collectiveidea/delayed_job.git
  revision: fcca64c20c60b5d93d2ca7ad416ae30e33e588e7
  specs:
    delayed_job (2.1.1)
      activesupport (~> 3.0)
      daemons

GEM
  remote: http://rubygems.org/
  specs:
    activemodel (3.0.5)
      activesupport (= 3.0.5)
      builder (~> 2.1.2)
      i18n (~> 0.4)
    activesupport (3.0.5)
    bson (1.3.1)
    bson_ext (1.1.2)
    builder (2.1.2)
    daemons (1.1.0)
    diff-lcs (1.1.2)
    i18n (0.4.2)
    mongo (1.3.1)
      bson (>= 1.3.1)
    mongo_mapper (0.9.1)
      activemodel (~> 3.0)
      activesupport (~> 3.0)
      plucky (~> 0.3.8)
    plucky (0.3.8)
      mongo (~> 1.3)
    rake (0.8.7)
    rspec (2.1.0)
      rspec-core (~> 2.1.0)
      rspec-expectations (~> 2.1.0)
      rspec-mocks (~> 2.1.0)
    rspec-core (2.1.0)
    rspec-expectations (2.1.0)
      diff-lcs (~> 1.1.2)
    rspec-mocks (2.1.0)

PLATFORMS
  ruby

DEPENDENCIES
  bson_ext
  delayed_job!
  i18n
  mongo_mapper (= 0.9.1)
  rake
  rspec
